STORAGE: NONE
RESTRICTION: == netstandard2.0
NUGET
  remote: https://api.nuget.org/v3/index.json
    DotNet.ReproducibleBuilds (1.1.1) - copy_local: true
      Microsoft.SourceLink.AzureRepos.Git (>= 1.1.1)
      Microsoft.SourceLink.Bitbucket.Git (>= 1.1.1)
      Microsoft.SourceLink.GitHub (>= 1.1.1)
      Microsoft.SourceLink.GitLab (>= 1.1.1)
    FSharp.Core (4.3.2)
    Microsoft.Build.Tasks.Git (8.0) - copy_local: true
    Microsoft.SourceLink.AzureRepos.Git (8.0) - copy_local: true
      Microsoft.Build.Tasks.Git (>= 8.0)
      Microsoft.SourceLink.Common (>= 8.0)
    Microsoft.SourceLink.Bitbucket.Git (8.0) - copy_local: true
      Microsoft.Build.Tasks.Git (>= 8.0)
      Microsoft.SourceLink.Common (>= 8.0)
    Microsoft.SourceLink.Common (8.0) - copy_local: true
    Microsoft.SourceLink.GitHub (1.1.1) - copy_local: true
      Microsoft.Build.Tasks.Git (>= 1.1.1)
      Microsoft.SourceLink.Common (>= 1.1.1)
    Microsoft.SourceLink.GitLab (8.0) - copy_local: true
      Microsoft.Build.Tasks.Git (>= 8.0)
      Microsoft.SourceLink.Common (>= 8.0)
    System.Buffers (4.5.1)
    System.Configuration.ConfigurationManager (4.4)
      System.Security.Cryptography.ProtectedData (>= 4.4)
    System.Memory (4.5.5)
      System.Buffers (>= 4.5.1)
      System.Numerics.Vectors (>= 4.4)
      System.Runtime.CompilerServices.Unsafe (>= 4.5.3)
    System.Numerics.Vectors (4.5)
    System.Runtime.CompilerServices.Unsafe (6.0)
    System.Security.Cryptography.ProtectedData (6.0)
      System.Memory (>= 4.5.4)

GROUP Tests
STORAGE: NONE
RESTRICTION: == net6.0
NUGET
  remote: https://api.nuget.org/v3/index.json
    FsCheck (3.0.0-beta2)
      FSharp.Core (>= 4.5)
    FSharp.Core (6.0.6)
    Microsoft.CodeCoverage (17.3.2)
    Microsoft.NET.Test.Sdk (17.3.2)
      Microsoft.CodeCoverage (>= 17.3.2)
      Microsoft.TestPlatform.TestHost (>= 17.3.2)
    Microsoft.NETCore.Platforms (6.0.6)
    Microsoft.TestPlatform.ObjectModel (17.3.2)
      NuGet.Frameworks (>= 5.11)
      System.Reflection.Metadata (>= 1.6)
    Microsoft.TestPlatform.TestHost (17.3.2)
      Microsoft.TestPlatform.ObjectModel (>= 17.3.2)
      Newtonsoft.Json (>= 9.0.1)
    NETStandard.Library (2.0.3)
      Microsoft.NETCore.Platforms (>= 1.1)
    Newtonsoft.Json (13.0.1)
    NuGet.Frameworks (6.3.1)
    System.Collections.Immutable (6.0)
      System.Runtime.CompilerServices.Unsafe (>= 6.0)
    System.Reflection.Metadata (6.0.1)
      System.Collections.Immutable (>= 6.0)
    System.Runtime.CompilerServices.Unsafe (6.0)
    Unquote (6.1)
      FSharp.Core (>= 4.7.2)
    xunit (2.4.2)
      xunit.analyzers (>= 1.0)
      xunit.assert (>= 2.4.2)
      xunit.core (2.4.2)
    xunit.abstractions (2.0.3)
    xunit.analyzers (1.0)
    xunit.assert (2.4.2)
      NETStandard.Library (>= 1.6.1)
    xunit.core (2.4.2)
      xunit.extensibility.core (2.4.2)
      xunit.extensibility.execution (2.4.2)
    xunit.extensibility.core (2.4.2)
      NETStandard.Library (>= 1.6.1)
      xunit.abstractions (>= 2.0.3)
    xunit.extensibility.execution (2.4.2)
      NETStandard.Library (>= 1.6.1)
      xunit.extensibility.core (2.4.2)
    xunit.runner.visualstudio (2.4.5) - version_in_path: true
